GEM
  remote: https://rubygems.org/
  specs:
    addressable (2.8.7)
      public_suffix (>= 2.0.2, < 7.0)
    http (5.2.0)
      addressable (~> 2.8)
      http-cookie (~> 1.0)
      http-form_data (~> 2.0)
      llhttp-ffi (~> 0.5.0)
    http-cookie (1.0.7)
      domain_name (~> 0.5)
    http-form_data (2.3.0)
    llhttp-ffi (0.5.0)
    mini_portile2 (2.8.7)
    nokogiri (1.16.5)
      mini_portile2 (~> 2.8.2)
      racc (~> 1.4)
    public_suffix (6.0.1)
    racc (1.8.0)
    scraperwiki (3.0.0)

PLATFORMS
  ruby

DEPENDENCIES
  http (~> 5.1)
  nokogiri (~> 1.16)
  scraperwiki (~> 3.0)

BUNDLED WITH
   2.5.7
